GEM
  remote: https://rubygems.org/
  specs:
    array_include_methods (1.0.4)
    facets (3.1.0)
    ffi (1.15.0)
    glimmer (0.10.4)
      array_include_methods (>= 1.0.2, < 2.0.0)
      facets (>= 3.1.0, < 4.0.0)
    glimmer-dsl-tk (0.0.6)
      glimmer (~> 0.10.3)
      tk (~> 0.3.0)
    listen (3.4.1)
      rb-fsevent (~> 0.10, >= 0.10.3)
      rb-inotify (~> 0.9, >= 0.9.10)
    rb-fsevent (0.10.4)
    rb-inotify (0.10.1)
      ffi (~> 1.0)
    tk (0.3.0)

PLATFORMS
  x86_64-linux

DEPENDENCIES
  glimmer-dsl-tk (~> 0.0.6)
  listen

BUNDLED WITH
   2.2.14
